GEM
  remote: http://rubygems.org/
  specs:
    activesupport (3.0.3)
    bson (1.1.2)
    bson_ext (1.1.2)
    daemons (1.1.0)
    durran-validatable (2.0.1)
    eventmachine (0.12.10)
    flickraw (0.8.3)
      json (>= 1.1.1)
    git (1.2.5)
    haml (3.0.24)
    http_router (0.4.1)
      rack (>= 1.0.0)
      url_mount (~> 0.2.1)
    i18n (0.4.2)
    json (1.4.6)
    leshill-will_paginate (2.3.11)
    mail (2.2.10)
      activesupport (>= 2.3.6)
      i18n (~> 0.4.1)
      mime-types (~> 1.16)
      treetop (~> 1.4.8)
    mime-types (1.16)
    mongo (1.1.2)
      bson (>= 1.1.1)
    mongoid (1.0.6)
      activesupport (>= 2.2.2)
      durran-validatable (>= 2.0.1)
      leshill-will_paginate (>= 2.3.11)
      mongo (>= 0.18.2)
    padrino (0.9.19)
      padrino-admin (= 0.9.19)
      padrino-core (= 0.9.19)
      padrino-gen (= 0.9.19)
      padrino-helpers (= 0.9.19)
      padrino-mailer (= 0.9.19)
    padrino-admin (0.9.19)
      padrino-core (= 0.9.19)
      padrino-helpers (= 0.9.19)
    padrino-core (0.9.19)
      activesupport (>= 3.0.0)
      http_router (~> 0.4.0)
      sinatra (>= 1.1.0)
      thor (>= 0.14.3)
      tzinfo
    padrino-gen (0.9.19)
      bundler (>= 1.0.2)
      git
      padrino-core (= 0.9.19)
    padrino-helpers (0.9.19)
      i18n (>= 0.4.1)
      padrino-core (= 0.9.19)
    padrino-mailer (0.9.19)
      mail (>= 2.2.0)
      padrino-core (= 0.9.19)
    polyglot (0.3.1)
    rack (1.2.1)
    rack-flash (0.1.1)
      rack
    rake (0.8.7)
    sinatra (1.1.0)
      rack (~> 1.1)
      tilt (~> 1.1)
    thin (1.2.7)
      daemons (>= 1.0.9)
      eventmachine (>= 0.12.6)
      rack (>= 1.0.0)
    thor (0.14.6)
    tilt (1.1)
    treetop (1.4.9)
      polyglot (>= 0.3.1)
    tzinfo (0.3.23)
    url_mount (0.2.1)
      rack

PLATFORMS
  ruby

DEPENDENCIES
  bson_ext
  flickraw
  haml
  mongo
  mongoid
  padrino (= 0.9.19)
  rack-flash
  rake
  thin
